GEM
  remote: https://rubygems.org/
  specs:
    aws-eventstream (1.0.3)
    aws-partitions (1.220.0)
    aws-sdk-core (3.68.1)
      aws-eventstream (~> 1.0, >= 1.0.2)
      aws-partitions (~> 1.0)
      aws-sigv4 (~> 1.1)
      jmespath (~> 1.0)
    aws-sdk-dynamodb (1.36.0)
      aws-sdk-core (~> 3, >= 3.61.1)
      aws-sigv4 (~> 1.1)
    aws-sigv4 (1.1.0)
      aws-eventstream (~> 1.0, >= 1.0.2)
    coderay (1.1.2)
    concurrent-ruby (1.1.5)
    diff-lcs (1.3)
    dotenv (2.7.5)
    icalendar (2.5.3)
      ice_cube (~> 0.16)
    icalendar-google (0.4.0)
      icalendar (~> 2.5)
      tzinfo (~> 2.0)
    ice_cube (0.16.3)
    jmespath (1.4.0)
    method_source (0.9.2)
    pry (0.12.2)
      coderay (~> 1.1.0)
      method_source (~> 0.9.0)
    rake (13.0.0)
    rspec (3.8.0)
      rspec-core (~> 3.8.0)
      rspec-expectations (~> 3.8.0)
      rspec-mocks (~> 3.8.0)
    rspec-core (3.8.2)
      rspec-support (~> 3.8.0)
    rspec-expectations (3.8.5)
      diff-lcs (>= 1.2.0, < 2.0)
      rspec-support (~> 3.8.0)
    rspec-mocks (3.8.2)
      diff-lcs (>= 1.2.0, < 2.0)
      rspec-support (~> 3.8.0)
    rspec-support (3.8.3)
    tzinfo (2.0.0)
      concurrent-ruby (~> 1.0)

PLATFORMS
  ruby

DEPENDENCIES
  aws-sdk-dynamodb (~> 1.35)
  dotenv (~> 2.7)
  icalendar-google (~> 0.4)
  pry (~> 0.12)
  rake (~> 13.0)
  rspec (~> 3.8)

BUNDLED WITH
   2.0.2
